GEM
  remote: https://rubygems.org/
  specs:
    tty-spinner (0.4.1)

PLATFORMS
  ruby

DEPENDENCIES
  tty-spinner

BUNDLED WITH
   1.14.6
